GEM
  remote: https://rubygems.org/
  specs:
    colorize (0.8.1)
    pastel (0.8.0)
      tty-color (~> 0.5)
    tty (0.1.0)
    tty-color (0.6.0)
    tty-cursor (0.7.1)
    tty-prompt (0.23.1)
      pastel (~> 0.8)
      tty-reader (~> 0.8)
    tty-reader (0.9.0)
      tty-cursor (~> 0.7)
      tty-screen (~> 0.8)
      wisper (~> 2.0)
    tty-screen (0.8.1)
    tty-spinner (0.9.3)
      tty-cursor (~> 0.7)
    wisper (2.0.1)

PLATFORMS
  x64-mingw-ucrt

DEPENDENCIES
  colorize (~> 0.8.1)
  tty
  tty-prompt (~> 0.23.1)
  tty-reader (~> 0.9.0)
  tty-spinner (~> 0.9.3)

BUNDLED WITH
   2.3.10
